GEM
  remote: https://rubygems.org/
  specs:
    RedCloth (4.2.9)
    chunky_png (1.2.9)
    classifier (1.3.3)
      fast-stemmer (>= 1.0.0)
    colorator (0.1)
    commander (4.1.5)
      highline (~> 1.6.11)
    compass (0.12.2)
      chunky_png (~> 1.2)
      fssm (>= 0.2.7)
      sass (~> 3.1)
    directory_watcher (1.4.1)
    fast-stemmer (1.0.2)
    fssm (0.2.10)
    github-pages (8)
      RedCloth (= 4.2.9)
      jekyll (= 1.2.0)
      kramdown (= 1.0.2)
      liquid (= 2.5.1)
      maruku (= 0.6.1)
      rdiscount (= 1.6.8)
      redcarpet (= 2.2.2)
    haml (4.0.4)
      tilt
    highline (1.6.20)
    httpclient (2.3.4.1)
    jekyll (1.2.0)
      classifier (~> 1.3)
      colorator (~> 0.1)
      commander (~> 4.1.3)
      directory_watcher (~> 1.4.1)
      liquid (~> 2.5.1)
      maruku (~> 0.5)
      pygments.rb (~> 0.5.0)
      redcarpet (~> 2.2.2)
      safe_yaml (~> 0.7.0)
    jekyll-haml (0.1.1)
      haml (>= 3.0.0)
      jekyll (>= 0.10.0)
    json (1.8.1)
    kramdown (1.0.2)
    liquid (2.5.1)
    maruku (0.6.1)
      syntax (>= 1.0.0)
    posix-spawn (0.3.6)
    pygments.rb (0.5.4)
      posix-spawn (~> 0.3.6)
      yajl-ruby (~> 1.1.0)
    rake (10.1.0)
    rb-fsevent (0.9.3)
    rdiscount (1.6.8)
    redcarpet (2.2.2)
    reduce (0.3.0)
      smusher
    safe_yaml (0.7.1)
    sass (3.2.12)
    smusher (0.4.9)
      httpclient (>= 2.2)
      json
      rake
    syntax (1.0.0)
    tilt (1.4.1)
    yajl-ruby (1.1.0)

PLATFORMS
  ruby

DEPENDENCIES
  compass
  github-pages
  jekyll
  jekyll-haml
  rake
  rb-fsevent (~> 0.9)
  reduce
